GIT
  remote: https://github.com/simayosi/aad-authphone-reg
  revision: 6542abba9cfad8f25b43beaaa1c05cea401aaf63
  branch: main
  specs:
    access_token_proxy (0.1.0)
      msidp-endpoint

GEM
  remote: https://rubygems.org/
  specs:
    activemodel (7.0.2.3)
      activesupport (= 7.0.2.3)
    activerecord (7.0.2.3)
      activemodel (= 7.0.2.3)
      activesupport (= 7.0.2.3)
    activesupport (7.0.2.3)
      concurrent-ruby (~> 1.0, >= 1.0.2)
      i18n (>= 1.6, < 2)
      minitest (>= 5.1)
      tzinfo (~> 2.0)
    concurrent-ruby (1.1.9)
    i18n (1.10.0)
      concurrent-ruby (~> 1.0)
    minitest (5.15.0)
    msgraph-client (0.1.0)
    msidp-endpoint (0.2.0)
    mustermann (1.1.1)
      ruby2_keywords (~> 0.0.1)
    mysql2 (0.5.3)
    pg (1.3.4)
    rack (2.2.3)
    rack-protection (2.2.0)
      rack
    rake (13.0.6)
    ruby2_keywords (0.0.5)
    sinatra (2.2.0)
      mustermann (~> 1.0)
      rack (~> 2.2)
      rack-protection (= 2.2.0)
      tilt (~> 2.0)
    tilt (2.0.10)
    tzinfo (2.0.4)
      concurrent-ruby (~> 1.0)

PLATFORMS
  ruby

DEPENDENCIES
  access_token_proxy!
  activerecord
  msgraph-client
  mysql2
  pg
  rake
  sinatra

BUNDLED WITH
   2.1.4
